GEM
  remote: https://rubygems.org/
  specs:
    bech32 (1.4.2)
      thor (>= 1.1.0)
    bigdecimal (3.1.8)
    bip-schnorr (0.7.0)
      ecdsa_ext (~> 0.5.0)
    bskyrb (0.5.3)
      date (>= 3.3.3)
      httparty (>= 0.21.0)
      json (>= 2.0)
      xrpc (>= 0.0.4)
    csv (3.3.0)
    date (3.3.4)
    ecdsa (1.2.0)
    ecdsa_ext (0.5.1)
      ecdsa (~> 1.2.0)
    event_emitter (0.2.6)
    eventmachine (1.2.7)
    faye-websocket (0.11.3)
      eventmachine (>= 0.12.0)
      websocket-driver (>= 0.5.1)
    httparty (0.22.0)
      csv
      mini_mime (>= 1.0.0)
      multi_xml (>= 0.5.2)
    json (2.7.2)
    mini_mime (1.1.5)
    multi_xml (0.7.1)
      bigdecimal (~> 3.1)
    nostr (0.5.0)
      bech32 (~> 1.4)
      bip-schnorr (~> 0.6)
      ecdsa (~> 1.2)
      event_emitter (~> 0.2)
      faye-websocket (~> 0.11)
      json (~> 2.6)
    rexml (3.3.5)
      strscan
    rss (0.3.1)
      rexml
    strscan (3.1.0)
    thor (1.3.1)
    websocket-driver (0.7.6)
      websocket-extensions (>= 0.1.0)
    websocket-extensions (0.1.5)
    x (0.14.1)
    xrpc (0.1.7.2)
      date
      httparty
      json (>= 2.0)

PLATFORMS
  aarch64-linux
  ruby

DEPENDENCIES
  bskyrb (~> 0.5.3)
  nostr (~> 0.5.0)
  rss (~> 0.3.1)
  x (~> 0.14.1)

BUNDLED WITH
   2.5.17
